GEM
  remote: https://rubygems.org/
  specs:
    api-auth (1.2.6)
    ast (2.0.0)
    astrolabe (1.3.0)
      parser (>= 2.2.0.pre.3, < 3.0)
    bacon (1.2.0)
    coderay (1.1.0)
    innate (2013.02.21)
      rack (~> 1.5.2)
    method_source (0.8.2)
    mime-types (2.4.3)
    netrc (0.9.0)
    parser (2.2.0.pre.8)
      ast (>= 1.1, < 3.0)
      slop (~> 3.4, >= 3.4.5)
    pg (0.17.1)
    powerpack (0.0.9)
    pry (0.10.1)
      coderay (~> 1.1.0)
      method_source (~> 0.8.1)
      slop (~> 3.4)
    rack (1.5.2)
    rainbow (2.0.0)
    rake (10.4.2)
    rest-client (1.7.2)
      mime-types (>= 1.16, < 3.0)
      netrc (~> 0.7)
    roda (1.1.0)
      rack
    rubocop (0.27.1)
      astrolabe (~> 1.3)
      parser (>= 2.2.0.pre.7, < 3.0)
      powerpack (~> 0.0.6)
      rainbow (>= 1.99.1, < 3.0)
      ruby-progressbar (~> 1.4)
    ruby-progressbar (1.7.0)
    sequel (4.17.0)
    slop (3.6.0)

PLATFORMS
  ruby

DEPENDENCIES
  api-auth
  bacon
  innate
  pg
  pry
  rake
  rest-client
  roda
  rubocop
  sequel
